GEM
  remote: http://rubygems.org/
  specs:
    aasm (5.5.0)
      concurrent-ruby (~> 1.0)
    activemodel (7.1.4.2)
      activesupport (= 7.1.4.2)
    activerecord (7.1.4.2)
      activemodel (= 7.1.4.2)
      activesupport (= 7.1.4.2)
      timeout (>= 0.4.0)
    activesupport (7.1.4.2)
      base64
      bigdecimal
      concurrent-ruby (~> 1.0, >= 1.0.2)
      connection_pool (>= 2.2.5)
      drb
      i18n (>= 1.6, < 2)
      minitest (>= 5.1)
      mutex_m
      tzinfo (~> 2.0)
    base64 (0.2.0)
    bigdecimal (3.1.8)
    byebug (11.1.3)
    concurrent-ruby (1.3.4)
    connection_pool (2.4.1)
    drb (2.2.1)
    dry-core (1.0.1)
      concurrent-ruby (~> 1.0)
      zeitwerk (~> 2.6)
    dry-inflector (1.1.0)
    dry-logic (1.5.0)
      concurrent-ruby (~> 1.0)
      dry-core (~> 1.0, < 2)
      zeitwerk (~> 2.6)
    dry-struct (1.6.0)
      dry-core (~> 1.0, < 2)
      dry-types (>= 1.7, < 2)
      ice_nine (~> 0.11)
      zeitwerk (~> 2.6)
    dry-types (1.7.2)
      bigdecimal (~> 3.0)
      concurrent-ruby (~> 1.0)
      dry-core (~> 1.0)
      dry-inflector (~> 1.0)
      dry-logic (~> 1.4)
      zeitwerk (~> 2.6)
    faraday (2.12.0)
      faraday-net_http (>= 2.0, < 3.4)
      json
      logger
    faraday-multipart (1.0.4)
      multipart-post (~> 2)
    faraday-net_http (3.3.0)
      net-http
    i18n (1.14.6)
      concurrent-ruby (~> 1.0)
    ice_nine (0.11.2)
    json (2.7.4)
    logger (1.6.1)
    mini_portile2 (2.8.7)
    minitest (5.25.1)
    multipart-post (2.4.1)
    mutex_m (0.2.0)
    net-http (0.4.1)
      uri
    sqlite3 (2.0.4)
      mini_portile2 (~> 2.8.0)
    telegram-bot-ruby (2.0.0)
      dry-struct (~> 1.6)
      faraday (~> 2.0)
      faraday-multipart (~> 1.0)
      zeitwerk (~> 2.6)
    timeout (0.4.1)
    tzinfo (2.0.6)
      concurrent-ruby (~> 1.0)
    uri (0.13.1)
    yaml (0.3.0)
    zeitwerk (2.6.18)

PLATFORMS
  x86_64-linux-musl

DEPENDENCIES
  aasm
  activerecord
  byebug
  sqlite3
  telegram-bot-ruby
  yaml

BUNDLED WITH
   2.4.18
